PATH
  remote: .
  specs:
    omniauth-intuit-oauth2 (0.1.0)
      crack (~> 0.4.5)
      omniauth-oauth2 (~> 1.7.1)

GEM
  remote: https://rubygems.org/
  specs:
    crack (0.4.5)
      rexml
    faraday (2.3.0)
      faraday-net_http (~> 2.0)
      ruby2_keywords (>= 0.0.4)
    faraday-net_http (2.0.3)
    hashie (5.0.0)
    jwt (2.4.1)
    multi_xml (0.6.0)
    oauth2 (2.0.4)
      faraday (>= 0.17.3, < 3.0)
      jwt (>= 1.0, < 3.0)
      multi_xml (~> 0.5)
      rack (>= 1.2, < 3)
      rash_alt (>= 0.4, < 1)
      version_gem (~> 1.1)
    omniauth (2.1.0)
      hashie (>= 3.4.6)
      rack (>= 2.2.3)
      rack-protection
    omniauth-oauth2 (1.7.3)
      oauth2 (>= 1.4, < 3)
      omniauth (>= 1.9, < 3)
    rack (2.2.4)
    rack-protection (2.2.0)
      rack
    rake (13.0.6)
    rash_alt (0.4.12)
      hashie (>= 3.4)
    rexml (3.2.5)
    ruby2_keywords (0.0.5)
    version_gem (1.1.0)

PLATFORMS
  x86_64-darwin-20

DEPENDENCIES
  crack
  omniauth-intuit-oauth2!
  rake (~> 13.0)

BUNDLED WITH
   2.2.22
